GIT
  remote: https://github.com/MarcGrimme/simplecov-small-badge.git
  revision: 2d86571748417ed6884ae57c6594d20cb04e9f19
  specs:
    simplecov-small-badge (0.2.4)
      repo-small-badge (~> 0.2.7)
      simplecov (~> 0.17)

GEM
  remote: https://rubygems.org/
  specs:
    ansi (1.5.0)
    coderay (1.1.3)
    diff-lcs (1.4.4)
    docile (1.3.3)
    method_source (1.0.0)
    pry (0.13.1)
      coderay (~> 1.1)
      method_source (~> 1.0)
    repo-small-badge (0.2.7)
      victor (~> 0.2.8)
    require_all (3.0.0)
    rspec (3.10.0)
      rspec-core (~> 3.10.0)
      rspec-expectations (~> 3.10.0)
      rspec-mocks (~> 3.10.0)
    rspec-core (3.10.0)
      rspec-support (~> 3.10.0)
    rspec-expectations (3.10.0)
      diff-lcs (>= 1.2.0, < 2.0)
      rspec-support (~> 3.10.0)
    rspec-mocks (3.10.0)
      diff-lcs (>= 1.2.0, < 2.0)
      rspec-support (~> 3.10.0)
    rspec-support (3.10.0)
    simplecov (0.20.0)
      docile (~> 1.1)
      simplecov-html (~> 0.11)
      simplecov_json_formatter (~> 0.1)
    simplecov-console (0.8.0)
      ansi
      simplecov
      terminal-table
    simplecov-html (0.12.3)
    simplecov_json_formatter (0.1.2)
    terminal-table (2.0.0)
      unicode-display_width (~> 1.1, >= 1.1.1)
    unicode-display_width (1.7.0)
    victor (0.2.8)

PLATFORMS
  ruby

DEPENDENCIES
  pry
  require_all (~> 3.0)
  rspec (~> 3.10)
  simplecov
  simplecov-console
  simplecov-small-badge!

BUNDLED WITH
   2.1.4
